PATH
  remote: .
  specs:
    blests (0.1.0)
      knapsack (~> 1.18)
      parallel_tests (= 2.29.2)

GEM
  remote: https://rubygems.org/
  specs:
    diff-lcs (1.3)
    knapsack (1.18.0)
      rake
    parallel (1.17.0)
    parallel_tests (2.29.2)
      parallel
    rake (10.5.0)
    rspec (3.8.0)
      rspec-core (~> 3.8.0)
      rspec-expectations (~> 3.8.0)
      rspec-mocks (~> 3.8.0)
    rspec-core (3.8.2)
      rspec-support (~> 3.8.0)
    rspec-expectations (3.8.4)
      diff-lcs (>= 1.2.0, < 2.0)
      rspec-support (~> 3.8.0)
    rspec-mocks (3.8.1)
      diff-lcs (>= 1.2.0, < 2.0)
      rspec-support (~> 3.8.0)
    rspec-support (3.8.2)

PLATFORMS
  ruby

DEPENDENCIES
  blests!
  bundler (~> 1.17)
  rake (~> 10.0)
  rspec (~> 3.0)

BUNDLED WITH
   1.17.3
